GEM
  remote: https://rubygems.org/
  specs:
    chronic (0.10.2)
    dotenv (2.7.1)
    faraday (0.15.4)
      multipart-post (>= 1.2, < 3)
    multipart-post (2.0.0)

PLATFORMS
  ruby

DEPENDENCIES
  chronic
  dotenv
  faraday

BUNDLED WITH
   1.17.1
